GIT
  remote: http://github.com/jnicklas/capybara.git
  revision: 8d34194
  specs:
    capybara (0.3.9)
      celerity (>= 0.7.9)
      culerity (>= 0.2.4)
      mime-types (>= 1.16)
      nokogiri (>= 1.3.3)
      rack (>= 1.0.0)
      rack-test (>= 0.5.4)
      selenium-webdriver (>= 0.0.3)

GIT
  remote: http://github.com/rspec/rspec-core.git
  revision: fae5db0
  specs:
    rspec-core (2.0.0.beta.19)

GIT
  remote: http://github.com/rspec/rspec-expectations.git
  revision: c1ce142
  specs:
    rspec-expectations (2.0.0.beta.19)
      diff-lcs (>= 1.1.2)

GIT
  remote: http://github.com/rspec/rspec-mocks.git
  revision: 20194cf
  specs:
    rspec-mocks (2.0.0.beta.19)

GIT
  remote: http://github.com/rspec/rspec-rails.git
  revision: c7ae905
  specs:
    rspec-rails (2.0.0.beta.19)
      rspec (= 2.0.0.beta.19)
      webrat (>= 0.7.2.beta.1)

GIT
  remote: http://github.com/rspec/rspec.git
  revision: 329df9a
  specs:
    rspec (2.0.0.beta.19)
      rspec-core (= 2.0.0.beta.19)
      rspec-expectations (= 2.0.0.beta.19)
      rspec-mocks (= 2.0.0.beta.19)

GEM
  remote: http://rubygems.org/
  specs:
    abstract (1.0.0)
    actionmailer (3.0.0.rc)
      actionpack (= 3.0.0.rc)
      mail (~> 2.2.5)
    actionpack (3.0.0.rc)
      activemodel (= 3.0.0.rc)
      activesupport (= 3.0.0.rc)
      builder (~> 2.1.2)
      erubis (~> 2.6.6)
      i18n (~> 0.4.1)
      rack (~> 1.2.1)
      rack-mount (~> 0.6.9)
      rack-test (~> 0.5.4)
      tzinfo (~> 0.3.22)
    activemodel (3.0.0.rc)
      activesupport (= 3.0.0.rc)
      builder (~> 2.1.2)
      i18n (~> 0.4.1)
    activerecord (3.0.0.rc)
      activemodel (= 3.0.0.rc)
      activesupport (= 3.0.0.rc)
      arel (~> 0.4.0)
      tzinfo (~> 0.3.22)
    activeresource (3.0.0.rc)
      activemodel (= 3.0.0.rc)
      activesupport (= 3.0.0.rc)
    activesupport (3.0.0.rc)
    arel (0.4.0)
      activesupport (>= 3.0.0.beta)
    bson (1.0.4)
    builder (2.1.2)
    celerity (0.8.0)
    culerity (0.2.10)
    diff-lcs (1.1.2)
    erubis (2.6.6)
      abstract (>= 1.0.0)
    factory_girl (1.3.2)
    faker (0.3.1)
    ffi (0.6.3-java)
    i18n (0.4.1)
    json_pure (1.4.6)
    mail (2.2.5)
      activesupport (>= 2.3.6)
      mime-types
      treetop (>= 1.4.5)
    mime-types (1.16)
    mongo (1.0.7)
      bson (>= 1.0.4)
    mongoid (2.0.0.beta.16)
      activemodel (= 3.0.0.rc)
      bson (= 1.0.4)
      mongo (= 1.0.7)
      tzinfo (= 0.3.22)
      will_paginate (~> 3.0.pre)
    nokogiri (1.4.3.1-java)
      weakling (>= 0.0.3)
    polyglot (0.3.1)
    rack (1.2.1)
    rack-mount (0.6.10)
      rack (>= 1.0.0)
    rack-test (0.5.4)
      rack (>= 1.0)
    rails (3.0.0.rc)
      actionmailer (= 3.0.0.rc)
      actionpack (= 3.0.0.rc)
      activerecord (= 3.0.0.rc)
      activeresource (= 3.0.0.rc)
      activesupport (= 3.0.0.rc)
      bundler (>= 1.0.0.rc.1)
      railties (= 3.0.0.rc)
    railties (3.0.0.rc)
      actionpack (= 3.0.0.rc)
      activesupport (= 3.0.0.rc)
      rake (>= 0.8.3)
      thor (~> 0.14.0)
    rake (0.8.7)
    rubyzip (0.9.4)
    selenium-webdriver (0.0.27)
      ffi (>= 0.6.1)
      json_pure
      rubyzip
    thor (0.14.0)
    treetop (1.4.8)
      polyglot (>= 0.3.1)
    tzinfo (0.3.22)
    weakling (0.0.4-java)
    webrat (0.7.2.beta.1)
      nokogiri (>= 1.2.0)
      rack (>= 1.0)
      rack-test (>= 0.5.3)
    will_paginate (3.0.pre2)

PLATFORMS
  java

DEPENDENCIES
  capybara!
  factory_girl
  faker
  mongoid (>= 2.0.0.beta.16)
  rails (= 3.0.0.rc)
  rspec!
  rspec-core!
  rspec-expectations!
  rspec-mocks!
  rspec-rails!
